GEM
  remote: http://rubygems.org/
  specs:
    bluecloth (2.1.0)
    gli (1.3.0)
    json (1.5.2)
    nokogiri (1.4.4)
    pdfkit (0.5.0)
    rack (1.3.0)
    rmagick (2.13.1)
    showoff (0.4.2)
      bluecloth
      gli (>= 1.2.5)
      json
      nokogiri
      sinatra
    sinatra (1.2.6)
      rack (~> 1.1)
      tilt (>= 1.2.2, < 2.0)
    tilt (1.3.2)

PLATFORMS
  ruby

DEPENDENCIES
  pdfkit
  rmagick
  showoff
